GEM
  remote: https://rubygems.org/
  specs:
    awesome_print (1.8.0)
    byebug (9.1.0)
    coderay (1.1.2)
    method_source (0.8.2)
    pry (0.11.0)
      coderay (~> 1.1.0)
      method_source (~> 0.8.1)
    pry-byebug (3.5.0)
      byebug (~> 9.1)
      pry (~> 0.10)

PLATFORMS
  ruby

DEPENDENCIES
  awesome_print
  pry-byebug

BUNDLED WITH
   1.15.4
